GEM
  remote: https://rubygems.org/
  specs:
    diff-lcs (1.4.4)
    gruff (0.12.1)
      histogram
      rmagick
    histogram (0.2.4.1)
    rmagick (4.2.1)
    rspec (3.10.0)
      rspec-core (~> 3.10.0)
      rspec-expectations (~> 3.10.0)
      rspec-mocks (~> 3.10.0)
    rspec-core (3.10.1)
      rspec-support (~> 3.10.0)
    rspec-expectations (3.10.1)
      diff-lcs (>= 1.2.0, < 2.0)
      rspec-support (~> 3.10.0)
    rspec-mocks (3.10.2)
      diff-lcs (>= 1.2.0, < 2.0)
      rspec-support (~> 3.10.0)
    rspec-support (3.10.2)

PLATFORMS
  x86_64-darwin-20

DEPENDENCIES
  gruff (~> 0.12.1)
  rspec (~> 3.0)

RUBY VERSION
   ruby 2.7.2p137

BUNDLED WITH
   2.2.9
